{
  "InstitutionAddress": "10700 104 Ave NW, Edmonton, AB",
  "InstitutionName": "MacEwan University",
  "InstitutionalDepartmentName": "Department of Psychology",
  "PowerLineFrequency": 60,
  "ManufacturersModelName": "actiCHamp",
  "TaskName": "differentdoors",
  "EEGChannelCount": 32,
  "EEGReference": "common",
  "RecordingType": "continuous",
  "RecordingDuration": 1339.42,
  "SamplingFrequency": 1000,
  "SoftwareFilters": "n/a"
}